GEM
  remote: https://rubygems.org/
  specs:
    docile (1.1.1)
    mini_portile2 (2.0.0)
    multi_json (1.8.2)
    nokogiri (1.6.7.2)
      mini_portile2 (~> 2.0.0.rc2)
    simplecov (0.8.2)
      docile (~> 1.1.0)
      multi_json
      simplecov-html (~> 0.8.0)
    simplecov-html (0.8.0)

PLATFORMS
  ruby

DEPENDENCIES
  nokogiri
  simplecov

BUNDLED WITH
   1.11.2
